GEM
  remote: https://rubygems.org/
  specs:
    randomword (0.1.0)

PLATFORMS
  ruby

DEPENDENCIES
  randomword (~> 0.1.0)

BUNDLED WITH
   2.0.2
